GEM
  remote: https://rubygems.org/
  specs:
    dotenv (2.8.1)
    httparty (0.21.0)
      mini_mime (>= 1.0.0)
      multi_xml (>= 0.5.2)
    mini_mime (1.1.2)
    multi_xml (0.6.0)

PLATFORMS
  x86_64-linux

DEPENDENCIES
  dotenv
  httparty

RUBY VERSION
   ruby 3.2.1p31

BUNDLED WITH
   2.4.6
